GEM
  remote: https://rubygems.org/
  specs:
    faraday (0.8.8)
      multipart-post (~> 1.2.0)
    haml (4.0.4)
      tilt
    multipart-post (1.2.0)
    rack (1.5.2)
    rack-protection (1.5.1)
      rack
    sinatra (1.4.4)
      rack (~> 1.4)
      rack-protection (~> 1.4)
      tilt (~> 1.3, >= 1.3.4)
    tilt (1.4.1)
    webpay (2.1.0)
      faraday (~> 0.8.7)

PLATFORMS
  ruby

DEPENDENCIES
  haml
  sinatra
  webpay
